GEM
  remote: https://rubygems.org/
  specs:
    awesome_bot (1.20.0)
      parallel (= 1.20.1)
    cgi (0.3.6)
    parallel (1.20.1)

PLATFORMS
  ruby
  x86_64-linux

DEPENDENCIES
  awesome_bot (~> 1.20)
  cgi

BUNDLED WITH
   2.3.26
